GEM
  remote: https://rubygems.org/
  specs:
    minitest (5.12.2)
    mustermann (1.0.3)
    rack (2.2.3)
    rack-protection (2.0.7)
      rack
    rack-test (1.1.0)
      rack (>= 1.0, < 3)
    rake (13.0.0)
    rdiscount (2.2.0.1)
    sinatra (2.0.7)
      mustermann (~> 1.0)
      rack (~> 2.0)
      rack-protection (= 2.0.7)
      tilt (~> 2.0)
    tilt (2.0.10)

PLATFORMS
  ruby
  x64-mingw32

DEPENDENCIES
  minitest
  rack-test
  rake
  rdiscount
  sinatra

RUBY VERSION
   ruby 2.5.5p157

BUNDLED WITH
   2.0.2
